GEM
  remote: http://rubygems.org/
  specs:
    ZenTest (4.4.2)
    actionmailer (2.3.8)
      actionpack (= 2.3.8)
    actionpack (2.3.8)
      activesupport (= 2.3.8)
      rack (~> 1.1.0)
    activerecord (2.3.8)
      activesupport (= 2.3.8)
    activerecord-nulldb-adapter (0.2.0)
      activerecord (>= 2.0.0)
    activeresource (2.3.8)
      activesupport (= 2.3.8)
    activesupport (2.3.8)
    bson (1.1.5)
    bson_ext (1.1.5)
    builder (3.0.0)
    central_logger (0.2.0)
      bson_ext
      bundler (~> 1.0.0)
      mongo
      rake
    cucumber (0.10.0)
      builder (>= 2.1.2)
      diff-lcs (~> 1.1.2)
      gherkin (~> 2.3.2)
      json (~> 1.4.6)
      term-ansicolor (~> 1.0.5)
    cucumber-rails (0.3.2)
      cucumber (>= 0.8.0)
    database_cleaner (0.5.2)
    diff-lcs (1.1.2)
    factory_girl (1.2.4)
    gherkin (2.3.3)
      json (~> 1.4.6)
    json (1.4.6)
    mechanize (1.0.0)
      nokogiri (>= 1.2.1)
    mongo (1.1.5)
      bson (>= 1.1.5)
    nokogiri (1.4.4)
    pg (0.10.0)
    rack (1.1.0)
    rack-test (0.5.7)
      rack (>= 1.0)
    rails (2.3.8)
      actionmailer (= 2.3.8)
      actionpack (= 2.3.8)
      activerecord (= 2.3.8)
      activeresource (= 2.3.8)
      activesupport (= 2.3.8)
      rake (>= 0.8.3)
    rake (0.8.7)
    rspec (1.3.0)
    rspec-rails (1.3.2)
      rack (>= 1.0.0)
      rspec (>= 1.3.0)
    sqlite3-ruby (1.3.2)
    term-ansicolor (1.0.5)
    webrat (0.7.1)
      nokogiri (>= 1.2.0)
      rack (>= 1.0)
      rack-test (>= 0.5.3)

PLATFORMS
  ruby

DEPENDENCIES
  ZenTest (= 4.4.2)
  activerecord-nulldb-adapter (= 0.2.0)
  central_logger (= 0.2.0)
  cucumber-rails (= 0.3.2)
  database_cleaner (= 0.5.2)
  factory_girl (= 1.2.4)
  mechanize (= 1.0.0)
  nokogiri (= 1.4.4)
  pg
  rails (= 2.3.8)
  rspec (= 1.3.0)
  rspec-rails (= 1.3.2)
  sqlite3-ruby
  webrat (= 0.7.1)
