GIT
  remote: git://github.com/djberg96/net-ping.git
  revision: 4cdc22766c186230e5ed34d920a072c40590fa4e
  specs:
    net-ping (1.7.0)
      ffi (>= 1.0.0)

GIT
  remote: git://github.com/philou/rb-inotify.git
  revision: edaa9dd8f935d89b07b44ea3f5f0bc9f1bdac84c
  specs:
    rb-inotify (0.9.1)
      ffi (>= 0.5.0)

GEM
  remote: https://rubygems.org/
  specs:
    RedCloth (4.2.9)
    actionmailer (3.2.14)
      actionpack (= 3.2.14)
      mail (~> 2.5.4)
    actionpack (3.2.14)
      activemodel (= 3.2.14)
      activesupport (= 3.2.14)
      builder (~> 3.0.0)
      erubis (~> 2.7.0)
      journey (~> 1.0.4)
      rack (~> 1.4.5)
      rack-cache (~> 1.2)
      rack-test (~> 0.6.1)
      sprockets (~> 2.2.1)
    activemodel (3.2.14)
      activesupport (= 3.2.14)
      builder (~> 3.0.0)
    activerecord (3.2.14)
      activemodel (= 3.2.14)
      activesupport (= 3.2.14)
      arel (~> 3.0.2)
      tzinfo (~> 0.3.29)
    activeresource (3.2.14)
      activemodel (= 3.2.14)
      activesupport (= 3.2.14)
    activesupport (3.2.14)
      i18n (~> 0.6, >= 0.6.4)
      multi_json (~> 1.0)
    acts-as-taggable-on (2.4.1)
      rails (>= 3, < 5)
    acts_as_tree (1.4.0)
      activerecord (>= 3.0.0)
    addressable (2.3.5)
    albino (1.3.3)
      posix-spawn (>= 0.3.6)
    arel (3.0.2)
    atomic (1.1.14)
    bcrypt-ruby (3.1.2)
    blogit (0.8.0)
      RedCloth (>= 4.2.9)
      acts-as-taggable-on (>= 2.2.1)
      albino (>= 1.3.3)
      jquery-rails
      kaminari (>= 0.13.0)
      nokogiri (>= 1.5.0)
      pingr (>= 0.0.3)
      redcarpet (>= 2.0.1)
    builder (3.0.4)
    capybara (2.1.0)
      mime-types (>= 1.16)
      nokogiri (>= 1.3.3)
      rack (>= 1.0.0)
      rack-test (>= 0.5.4)
      xpath (~> 2.0)
    childprocess (0.3.9)
      ffi (~> 1.0, >= 1.0.11)
    coderay (1.0.9)
    coffee-rails (3.2.2)
      coffee-script (>= 2.2.0)
      railties (~> 3.2.0)
    coffee-script (2.2.0)
      coffee-script-source
      execjs
    coffee-script-source (1.6.3)
    cucumber (1.3.8)
      builder (>= 2.1.2)
      diff-lcs (>= 1.1.3)
      gherkin (~> 2.12.1)
      multi_json (>= 1.7.5, < 2.0)
      multi_test (>= 0.0.2)
    cucumber-rails (1.4.0)
      capybara (>= 1.1.2)
      cucumber (>= 1.2.0)
      nokogiri (>= 1.5.0)
      rails (>= 3.0.0)
    daemons (1.1.9)
    database_cleaner (1.1.1)
    delayed_job (3.0.5)
      activesupport (~> 3.0)
    delayed_job_active_record (0.4.4)
      activerecord (>= 2.1.0, < 4)
      delayed_job (~> 3.0)
    devise (3.1.0)
      bcrypt-ruby (~> 3.0)
      orm_adapter (~> 0.1)
      railties (>= 3.2.6, < 5)
      thread_safe (~> 0.1)
      warden (~> 1.2.3)
    diff-lcs (1.2.4)
    domain_name (0.5.13)
      unf (>= 0.0.5, < 1.0.0)
    email_spec (1.5.0)
      launchy (~> 2.1)
      mail (~> 2.2)
    encryptor (1.1.3)
    erubis (2.7.0)
    eventmachine (1.0.3)
    exception_notification (3.0.1)
      actionmailer (>= 3.0.4)
    excon (0.25.3)
    execjs (2.0.1)
    factory_girl (4.2.0)
      activesupport (>= 3.0.0)
    factory_girl_rails (4.2.1)
      factory_girl (~> 4.2.0)
      railties (>= 3.0.0)
    fattr (2.2.1)
    ffi (1.9.0)
    foreigner (1.5.0)
      activerecord (>= 3.0.0)
    formatador (0.2.4)
    gherkin (2.12.1)
      multi_json (~> 1.3)
    guard (1.8.2)
      formatador (>= 0.2.4)
      listen (>= 1.0.0)
      lumberjack (>= 1.0.2)
      pry (>= 0.9.10)
      thor (>= 0.14.6)
    guard-cucumber (1.4.0)
      cucumber (>= 1.2.0)
      guard (>= 1.1.0)
    guard-jasmine (1.18.3)
      childprocess
      guard (>= 1.1.0)
      multi_json
      thor
      tilt
    guard-rails (0.4.7)
      guard (>= 0.2.2)
    guard-rspec (3.0.3)
      guard (>= 1.8)
      rspec (~> 2.13)
    haml (4.0.3)
      tilt
    heroku-api (0.3.15)
      excon (~> 0.25.1)
    hike (1.2.3)
    http-cookie (1.0.2)
      domain_name (~> 0.5)
    i18n (0.6.5)
    jasmine (1.3.2)
      jasmine-core (~> 1.3.1)
      rack (~> 1.0)
      rspec (>= 1.3.1)
      selenium-webdriver (>= 0.1.3)
    jasmine-core (1.3.1)
    jasminerice (0.0.10)
      coffee-rails
      haml
    journey (1.0.4)
    jquery-rails (3.0.4)
      railties (>= 3.0, < 5.0)
      thor (>= 0.14, < 2.0)
    json (1.8.0)
    kaminari (0.14.1)
      actionpack (>= 3.0.0)
      activesupport (>= 3.0.0)
    launchy (2.3.0)
      addressable (~> 2.3)
    listen (1.3.1)
      rb-fsevent (>= 0.9.3)
      rb-inotify (>= 0.9)
      rb-kqueue (>= 0.2)
    lumberjack (1.0.4)
    mail (2.5.4)
      mime-types (~> 1.16)
      treetop (~> 1.4.8)
    mechanize (2.7.2)
      domain_name (~> 0.5, >= 0.5.1)
      http-cookie (~> 1.0.0)
      mime-types (~> 1.17, >= 1.17.2)
      net-http-digest_auth (~> 1.1, >= 1.1.1)
      net-http-persistent (~> 2.5, >= 2.5.2)
      nokogiri (~> 1.4)
      ntlm-http (~> 0.1, >= 0.1.1)
      webrobots (>= 0.0.9, < 0.2)
    method_source (0.8.2)
    mime-types (1.25)
    mini_portile (0.5.1)
    multi_json (1.8.0)
    multi_test (0.0.2)
    net-http-digest_auth (1.4)
    net-http-persistent (2.9)
    nokogiri (1.6.0)
      mini_portile (~> 0.5.0)
    ntlm-http (0.1.1)
    orm_adapter (0.4.0)
    pg (0.16.0)
    pingr (0.0.3)
    polyglot (0.3.3)
    posix-spawn (0.3.6)
    pry (0.9.12.2)
      coderay (~> 1.0.5)
      method_source (~> 0.8)
      slop (~> 3.4)
    rack (1.4.5)
    rack-cache (1.2)
      rack (>= 0.4)
    rack-ssl (1.3.3)
      rack
    rack-ssl-enforcer (0.2.5)
    rack-test (0.6.2)
      rack (>= 1.0)
    rails (3.2.14)
      actionmailer (= 3.2.14)
      actionpack (= 3.2.14)
      activerecord (= 3.2.14)
      activeresource (= 3.2.14)
      activesupport (= 3.2.14)
      bundler (~> 1.0)
      railties (= 3.2.14)
    railties (3.2.14)
      actionpack (= 3.2.14)
      activesupport (= 3.2.14)
      rack-ssl (~> 1.3.2)
      rake (>= 0.8.7)
      rdoc (~> 3.4)
      thor (>= 0.14.6, < 2.0)
    rake (10.1.0)
    rb-fsevent (0.9.3)
    rb-kqueue (0.2.0)
      ffi (>= 0.5.0)
    rdoc (3.12.2)
      json (~> 1.4)
    redcarpet (3.0.0)
    rspec (2.14.1)
      rspec-core (~> 2.14.0)
      rspec-expectations (~> 2.14.0)
      rspec-mocks (~> 2.14.0)
    rspec-core (2.14.5)
    rspec-expectations (2.14.2)
      diff-lcs (>= 1.1.3, < 2.0)
    rspec-mocks (2.14.3)
    rspec-rails (2.14.0)
      actionpack (>= 3.0)
      activesupport (>= 3.0)
      railties (>= 3.0)
      rspec-core (~> 2.14.0)
      rspec-expectations (~> 2.14.0)
      rspec-mocks (~> 2.14.0)
    rubyzip (0.9.9)
    rush (0.6.8)
      session
    sass (3.2.10)
    sass-rails (3.2.6)
      railties (~> 3.2.0)
      sass (>= 3.1.10)
      tilt (~> 1.3)
    selenium-webdriver (2.35.1)
      childprocess (>= 0.2.5)
      multi_json (~> 1.0)
      rubyzip (< 1.0.0)
      websocket (~> 1.0.4)
    session (3.1.0)
      fattr
    slop (3.4.6)
    spring (0.0.10)
    sprockets (2.2.2)
      hike (~> 1.2)
      multi_json (~> 1.0)
      rack (~> 1.0)
      tilt (~> 1.1, != 1.3.0)
    sqlite3 (1.3.8)
    thin (1.5.1)
      daemons (>= 1.0.9)
      eventmachine (>= 0.12.6)
      rack (>= 1.0.0)
    thor (0.18.1)
    thread_safe (0.1.3)
      atomic
    tilt (1.4.1)
    timecop (0.6.3)
    treetop (1.4.15)
      polyglot
      polyglot (>= 0.3.1)
    tzinfo (0.3.37)
    uglifier (2.2.1)
      execjs (>= 0.3.0)
      multi_json (~> 1.0, >= 1.0.2)
    unf (0.1.2)
      unf_ext
    unf_ext (0.0.6)
    warden (1.2.3)
      rack (>= 1.0)
    webrat (0.7.3)
      nokogiri (>= 1.2.0)
      rack (>= 1.0)
      rack-test (>= 0.5.3)
    webrobots (0.1.1)
    websocket (1.0.7)
    workless (1.2.1)
      delayed_job (>= 2.0.7)
      heroku-api
      rails
      rush
    xpath (2.0.0)
      nokogiri (~> 1.3)

PLATFORMS
  ruby

DEPENDENCIES
  acts_as_tree
  blogit
  coffee-rails
  cucumber-rails
  database_cleaner
  delayed_job_active_record (< 4.0)
  devise
  email_spec
  encryptor
  exception_notification (< 4.0)
  factory_girl_rails
  foreigner
  guard
  guard-cucumber
  guard-jasmine
  guard-rails
  guard-rspec
  heroku-api
  jasmine
  jasminerice
  jquery-rails
  launchy
  mechanize
  net-ping!
  nokogiri
  pg
  rack-cache
  rack-ssl-enforcer
  rails (< 4.0)
  rb-inotify!
  rspec-rails
  sass-rails
  spring
  sqlite3
  thin
  timecop
  uglifier
  webrat
  workless
