GEM
  remote: http://rubygems.org/
  specs:
    ZenTest (4.4.2)
    actionmailer (2.3.8)
      actionpack (= 2.3.8)
    actionpack (2.3.8)
      activesupport (= 2.3.8)
      rack (~> 1.1.0)
    activerecord (2.3.8)
      activesupport (= 2.3.8)
    activerecord-nulldb-adapter (0.2.0)
      activerecord (>= 2.0.0)
    activeresource (2.3.8)
      activesupport (= 2.3.8)
    activesupport (2.3.8)
    addressable (2.2.6)
    builder (3.0.0)
    cucumber (0.10.0)
      builder (>= 2.1.2)
      diff-lcs (~> 1.1.2)
      gherkin (~> 2.3.2)
      json (~> 1.4.6)
      term-ansicolor (~> 1.0.5)
    cucumber-rails (0.3.2)
      cucumber (>= 0.8.0)
    daemons (1.0.10)
    database_cleaner (0.5.2)
    delayed_job (2.0.7)
      activesupport (~> 2.0)
      daemons (= 1.0.10)
    diff-lcs (1.1.2)
    factory_girl (1.2.4)
    fattr (2.2.0)
    gherkin (2.3.3)
      json (~> 1.4.6)
    heroku (2.5.2)
      launchy (>= 0.3.2)
      rest-client (~> 1.6.1)
      term-ansicolor (~> 1.0.5)
    hirefire (0.1.4)
      heroku (>= 1.4)
      rush (~> 0.6.7)
    json (1.4.6)
    launchy (2.0.5)
      addressable (~> 2.2.6)
    mechanize (1.0.0)
      nokogiri (>= 1.2.1)
    mime-types (1.16)
    nokogiri (1.4.4)
    pg (0.10.0)
    rack (1.1.0)
    rack-test (0.5.7)
      rack (>= 1.0)
    rails (2.3.8)
      actionmailer (= 2.3.8)
      actionpack (= 2.3.8)
      activerecord (= 2.3.8)
      activeresource (= 2.3.8)
      activesupport (= 2.3.8)
      rake (>= 0.8.3)
    rake (0.8.7)
    rest-client (1.6.7)
      mime-types (>= 1.16)
    rspec (1.3.0)
    rspec-rails (1.3.2)
      rack (>= 1.0.0)
      rspec (>= 1.3.0)
    rspec-spies (1.2.9)
    rush (0.6.7)
      session
    session (3.1.0)
      fattr
    sqlite3-ruby (1.3.2)
    super_exception_notifier (3.0.13)
      actionmailer
      rake
    term-ansicolor (1.0.5)
    webrat (0.7.1)
      nokogiri (>= 1.2.0)
      rack (>= 1.0)
      rack-test (>= 0.5.3)

PLATFORMS
  ruby

DEPENDENCIES
  ZenTest (= 4.4.2)
  activerecord-nulldb-adapter (= 0.2.0)
  cucumber-rails (= 0.3.2)
  database_cleaner (= 0.5.2)
  delayed_job (~> 2.0.4)
  factory_girl (= 1.2.4)
  hirefire (~> 0.1.4)
  mechanize (= 1.0.0)
  nokogiri (= 1.4.4)
  pg
  rails (= 2.3.8)
  rspec (= 1.3.0)
  rspec-rails (= 1.3.2)
  rspec-spies (= 1.2.9)
  sqlite3-ruby
  super_exception_notifier (= 3.0.13)
  webrat (= 0.7.1)
